GEM
  remote: https://rubygems.org/
  specs:
    diff-lcs (1.3)
    highline (1.7.8)
    rspec (3.2.0)
      rspec-core (~> 3.2.0)
      rspec-expectations (~> 3.2.0)
      rspec-mocks (~> 3.2.0)
    rspec-core (3.2.1)
      rspec-support (~> 3.2.0)
    rspec-expectations (3.2.0)
      diff-lcs (>= 1.2.0, < 2.0)
      rspec-support (~> 3.2.0)
    rspec-mocks (3.2.1)
      diff-lcs (>= 1.2.0, < 2.0)
      rspec-support (~> 3.2.0)
    rspec-support (3.2.2)
    sqlite3 (1.3.13)
    thor (0.19.1)

PLATFORMS
  ruby

DEPENDENCIES
  highline
  rspec
  sqlite3
  thor

BUNDLED WITH
   1.13.6
